GEM
  remote: https://rubygems.org/
  specs:
    bcrypt (3.1.18)
    daemons (1.4.1)
    eventmachine (1.2.7)
    mustermann (3.0.0)
      ruby2_keywords (~> 0.0.1)
    parslet (2.0.0)
    pg (1.4.6)
    rack (2.2.6.4)
    rack-protection (3.0.5)
      rack
    ruby2_keywords (0.0.5)
    sequel (5.66.0)
    sinatra (3.0.5)
      mustermann (~> 3.0)
      rack (~> 2.2, >= 2.2.4)
      rack-protection (= 3.0.5)
      tilt (~> 2.0)
    sqlite3 (1.6.2-x86_64-linux)
    thin (1.8.1)
      daemons (~> 1.0, >= 1.0.9)
      eventmachine (~> 1.0, >= 1.0.4)
      rack (>= 1, < 3)
    tilt (2.1.0)
    toml (0.3.0)
      parslet (>= 1.8.0, < 3.0.0)

PLATFORMS
  x86_64-linux

DEPENDENCIES
  bcrypt
  pg
  sequel
  sinatra
  sqlite3
  thin
  toml

BUNDLED WITH
   2.4.10
